GEM
  remote: https://rubygems.org/
  specs:
    activemodel (4.2.7)
      activesupport (= 4.2.7)
      builder (~> 3.1)
    activesupport (4.2.7)
      i18n (~> 0.7)
      json (~> 1.7, >= 1.7.7)
      minitest (~> 5.1)
      thread_safe (~> 0.3, >= 0.3.4)
      tzinfo (~> 1.1)
    apns (1.0.0)
    aws-sdk (2.2.37)
      aws-sdk-resources (= 2.2.37)
    aws-sdk-core (2.2.37)
      jmespath (~> 1.0)
    aws-sdk-resources (2.2.37)
      aws-sdk-core (= 2.2.37)
    builder (3.2.2)
    cassandra-driver (2.1.6)
      ione (~> 1.2)
    cequel (1.10.0)
      activemodel (~> 4.0)
      cassandra-driver (~> 2.0)
    daemons (1.2.4)
    descriptive_statistics (2.5.1)
    dotenv (2.1.1)
    elasticsearch (1.0.18)
      elasticsearch-api (= 1.0.18)
      elasticsearch-transport (= 1.0.18)
    elasticsearch-api (1.0.18)
      multi_json
    elasticsearch-transport (1.0.18)
      faraday
      multi_json
    excon (0.51.0)
    faraday (0.9.2)
      multipart-post (>= 1.2, < 3)
    gcm (0.1.1)
      httparty
      json
    god (0.13.7)
    hiredis (0.6.1)
    hooks (0.4.1)
      uber (~> 0.0.14)
    httparty (0.14.0)
      multi_xml (>= 0.5.2)
    i18n (0.7.0)
    ione (1.2.3)
    jmespath (1.3.1)
    json (1.8.3)
    kafka-consumer (0.1.3)
      kazoo-ruby (~> 0.5.1)
      poseidon (~> 0.0.5)
    kazoo-ruby (0.5.3)
      thor (~> 0.19.1)
      zookeeper (~> 1.4)
    mandrill-api (1.0.53)
      excon (>= 0.16.0, < 1.0)
      json (>= 1.7.7, < 2.0)
    minitest (5.9.0)
    mono_logger (1.1.0)
    multi_json (1.12.1)
    multi_xml (0.5.5)
    multipart-post (2.0.0)
    octocore (0.0.4)
      cequel (~> 1.9, >= 1.9.0)
      descriptive_statistics (~> 2.5.1, >= 2.5.0)
      elasticsearch (~> 1.0.17, >= 1.0.17)
      faraday (~> 0.9.2, >= 0.9.2)
      hiredis (~> 0.6.1, >= 0.6.0)
      hooks (~> 0.4.1, >= 0.4.1)
      json (~> 1.8.1, >= 1.8.1)
      mandrill-api (~> 1.0, >= 1.0.53)
      rake (~> 11.1.0, >= 11.1.0)
      redis (~> 3.2.2, >= 3.2.0)
      resque (~> 1.26.0, >= 1.26.0)
      resque-scheduler (~> 4.1.0, >= 4.1.0)
      ruby-kafka (~> 0.3.2, >= 0.3.2)
      statsd-ruby (~> 1.3.0, >= 1.3.0)
    octonotification (0.0.1)
      apns (~> 1.0.0, >= 1.0.0)
      aws-sdk (~> 2.2.35, >= 2.2.35)
      gcm (~> 0.1.1, >= 0.1.0)
      octorecommender (~> 0.0.1, >= 0.0.1)
    octorecommender (0.0.1)
      octocore (~> 0.0.1, >= 0.0.1)
      predictor (~> 2.3.1, >= 2.3.0)
    poseidon (0.0.5)
    predictor (2.3.1)
      redis (>= 3.0.0)
    rack (1.6.4)
    rack-protection (1.5.3)
      rack
    rake (11.1.2)
    redis (3.2.2)
    redis-namespace (1.5.2)
      redis (~> 3.0, >= 3.0.4)
    resque (1.26.0)
      mono_logger (~> 1.0)
      multi_json (~> 1.0)
      redis-namespace (~> 1.3)
      sinatra (>= 0.9.2)
      vegas (~> 0.1.2)
    resque-scheduler (4.1.0)
      mono_logger (~> 1.0)
      redis (~> 3.0)
      resque (~> 1.25)
      rufus-scheduler (~> 3.0)
    ruby-kafka (0.3.12)
    rufus-scheduler (3.2.1)
    sinatra (1.4.7)
      rack (~> 1.5)
      rack-protection (~> 1.4)
      tilt (>= 1.3, < 3)
    statsd-ruby (1.3.0)
    thor (0.19.1)
    thread_safe (0.3.5)
    tilt (2.0.5)
    tzinfo (1.2.2)
      thread_safe (~> 0.1)
    uber (0.0.15)
    vegas (0.1.11)
      rack (>= 1.0.0)
    zookeeper (1.4.11)

PLATFORMS
  ruby

DEPENDENCIES
  daemons
  dotenv
  god
  hooks
  json
  kafka-consumer
  octocore (~> 0.0.4, >= 0.0.4)
  octonotification
  octorecommender

BUNDLED WITH
   1.11.2
